
GEM
  remote: https://rubygems.org/
  specs:
    addressable (2.3.8)
    awesome_print (1.7.0)
    dotenv (2.1.1)
    eventmachine (1.2.1)
    faraday (0.9.2)
      multipart-post (>= 1.2, < 3)
    faraday_middleware (0.10.1)
      faraday (>= 0.7.4, < 1.0)