
GEM
  remote: https://rubygems.org/
  specs:
    addressable (2.3.8)
    awesome_print (1.7.0)